GEM
  remote: https://rubygems.org/
  specs:
    archive-tar-minitar (0.5.2)
    childprocess (0.3.6)
      ffi (~> 1.0, >= 1.0.6)
    erubis (2.7.0)
    eventmachine (1.0.0)
    facter (1.6.17)
    ffi (1.3.1)
    hiera (1.0.0)
    i18n (0.6.1)
    json (1.5.4)
    librarian-puppet (0.9.7)
      json
      puppet
      thor (~> 0.15)
    log4r (1.1.10)
    net-scp (1.0.4)
      net-ssh (>= 1.99.1)
    net-ssh (2.2.2)
    puppet (3.0.2)
      facter (~> 1.6.11)
      hiera (~> 1.0.0)
    puppet-lint (0.3.2)
    rainbow (1.1.4)
    rake (10.0.3)
    rexec (1.5.1)
      rainbow
    rubydns (0.5.3)
      eventmachine (~> 1.0.0)
      rexec (~> 1.5.1)
    thor (0.16.0)
    vagrant (1.0.5)
      archive-tar-minitar (= 0.5.2)
      childprocess (~> 0.3.1)
      erubis (~> 2.7.0)
      i18n (~> 0.6.0)
      json (~> 1.5.1)
      log4r (~> 1.1.9)
      net-scp (~> 1.0.4)
      net-ssh (~> 2.2.2)
    vagrant-dns-server (0.1)
      rubydns
      vagrant (~> 1.0.3)
      zmq
    zmq (2.1.4)

PLATFORMS
  ruby

DEPENDENCIES
  librarian-puppet
  puppet
  puppet-lint
  rake
  vagrant (>= 1.0.5)
  vagrant-dns-server
