GEM
  remote: https://rubygems.org/
  specs:
    bintray_deploy (0.0.4)
      configuration
      rest-client
      thor
    configuration (1.3.2)
    diff-lcs (1.2.5)
    facter (1.6.17)
    hiera (1.0.0)
    json (1.5.4)
    librarian-puppet (0.9.7)
      json
      puppet
      thor (~> 0.15)
    mime-types (2.1)
    opskeleton (0.4.5)
      bintray_deploy
      thor
    puppet (3.0.2)
      facter (~> 1.6.11)
      hiera (~> 1.0.0)
    puppet-lint (0.3.2)
    rake (10.0.3)
    rest-client (1.6.7)
      mime-types (>= 1.16)
    rspec (2.14.1)
      rspec-core (~> 2.14.0)
      rspec-expectations (~> 2.14.0)
      rspec-mocks (~> 2.14.0)
    rspec-core (2.14.7)
    rspec-expectations (2.14.5)
      diff-lcs (>= 1.1.3, < 2.0)
    rspec-mocks (2.14.5)
    rspec-puppet (1.0.1)
      rspec
    thor (0.16.0)

PLATFORMS
  ruby

DEPENDENCIES
  librarian-puppet
  opskeleton
  puppet
  puppet-lint
  rake
  rspec-puppet
